GEM
  remote: https://rubygems.org/
  specs:
    archive-zip (0.7.0)
      io-like (~> 0.3.0)
    childprocess (0.7.1)
      ffi (~> 1.0, >= 1.0.11)
    data_magic (1.1)
      faker (>= 1.1.2)
      yml_reader (>= 0.6)
    faker (1.8.4)
      i18n (~> 0.5)
    ffi (1.9.18)
    geckodriver-helper (0.0.3)
      archive-zip (~> 0.7.0)
    i18n (0.8.6)
    io-like (0.3.0)
    page-object (2.2.2)
      page_navigation (>= 0.10)
      selenium-webdriver (~> 3.0)
      watir (~> 6.7)
    page_navigation (0.10)
      data_magic (>= 0.22)
    rubyzip (1.2.1)
    selenium-webdriver (3.5.1)
      childprocess (~> 0.5)
      rubyzip (~> 1.0)
    watir (6.7.3)
      selenium-webdriver (~> 3.4, >= 3.4.1)
    yml_reader (0.7)

PLATFORMS
  ruby

DEPENDENCIES
  geckodriver-helper
  page-object
  selenium-webdriver

BUNDLED WITH
   1.15.3
